PATH
  remote: .
  specs:
    wca_i18n (0.4.4)
      colorize (~> 0.8)

GEM
  remote: https://rubygems.org/
  specs:
    byebug (9.1.0)
    colorize (0.8.1)
    diff-lcs (1.3)
    rake (10.5.0)
    rspec (3.8.0)
      rspec-core (~> 3.8.0)
      rspec-expectations (~> 3.8.0)
      rspec-mocks (~> 3.8.0)
    rspec-core (3.8.0)
      rspec-support (~> 3.8.0)
    rspec-expectations (3.8.1)
      diff-lcs (>= 1.2.0, < 2.0)
      rspec-support (~> 3.8.0)
    rspec-mocks (3.8.0)
      diff-lcs (>= 1.2.0, < 2.0)
      rspec-support (~> 3.8.0)
    rspec-support (3.8.0)

PLATFORMS
  ruby

DEPENDENCIES
  bundler (~> 1.16)
  byebug (~> 9.0)
  rake (~> 10.0)
  rspec (~> 3.0)
  wca_i18n!

BUNDLED WITH
   1.16.1
